GEM
  remote: https://rubygems.org/
  specs:
    activesupport (7.0.2.3)
      concurrent-ruby (~> 1.0, >= 1.0.2)
      i18n (>= 1.6, < 2)
      minitest (>= 5.1)
      tzinfo (~> 2.0)
    addressable (2.8.4)
      public_suffix (>= 2.0.2, < 6.0)
    coderay (1.1.3)
    concurrent-ruby (1.1.9)
    declarative (0.0.20)
    discordrb (3.4.0)
      discordrb-webhooks (~> 3.3.0)
      ffi (>= 1.9.24)
      opus-ruby
      rest-client (>= 2.0.0)
      websocket-client-simple (>= 0.3.0)
    discordrb-webhooks (3.3.0)
      rest-client (>= 2.1.0.rc1)
    domain_name (0.5.20190701)
      unf (>= 0.0.5, < 1.0.0)
    dotenv (2.7.6)
    event_emitter (0.2.6)
    faraday (2.7.4)
      faraday-net_http (>= 2.0, < 3.1)
      ruby2_keywords (>= 0.0.4)
    faraday-multipart (1.0.4)
      multipart-post (~> 2)
    faraday-net_http (3.0.2)
    ffi (1.15.5)
    google-apis-adsense_v1_4 (0.6.0)
      google-apis-core (>= 0.4, < 2.a)
    google-apis-analytics_v3 (0.13.0)
      google-apis-core (>= 0.11.0, < 2.a)
    google-apis-bigquery_v2 (0.51.0)
      google-apis-core (>= 0.11.0, < 2.a)
    google-apis-calendar_v3 (0.28.0)
      google-apis-core (>= 0.11.0, < 2.a)
    google-apis-core (0.11.0)
      addressable (~> 2.5, >= 2.5.1)
      googleauth (>= 0.16.2, < 2.a)
      httpclient (>= 2.8.1, < 3.a)
      mini_mime (~> 1.0)
      representable (~> 3.0)
      retriable (>= 2.0, < 4.a)
      rexml
      webrick
    google-apis-drive_v3 (0.39.0)
      google-apis-core (>= 0.11.0, < 2.a)
    google-apis-gmail_v1 (0.27.0)
      google-apis-core (>= 0.11.0, < 2.a)
    google-apis-pubsub_v1 (0.35.0)
      google-apis-core (>= 0.11.0, < 2.a)
    google-apis-sheets_v4 (0.22.0)
      google-apis-core (>= 0.11.0, < 2.a)
    google-apis-translate_v2 (0.13.0)
      google-apis-core (>= 0.11.0, < 2.a)
    google-apis-vision_v1 (0.22.0)
      google-apis-core (>= 0.11.0, < 2.a)
    google-apis-youtube_v3 (0.28.0)
      google-apis-core (>= 0.11.0, < 2.a)
    googleauth (1.5.2)
      faraday (>= 0.17.3, < 3.a)
      jwt (>= 1.4, < 3.0)
      memoist (~> 0.16)
      multi_json (~> 1.11)
      os (>= 0.9, < 2.0)
      signet (>= 0.16, < 2.a)
    http-accept (1.7.0)
    http-cookie (1.0.4)
      domain_name (~> 0.5)
    httparty (0.21.0)
      mini_mime (>= 1.0.0)
      multi_xml (>= 0.5.2)
    httpclient (2.8.3)
    i18n (1.10.0)
      concurrent-ruby (~> 1.0)
    jwt (2.7.0)
    memoist (0.16.2)
    method_source (1.0.0)
    mime-types (3.4.1)
      mime-types-data (~> 3.2015)
    mime-types-data (3.2022.0105)
    mini_mime (1.1.2)
    minitest (5.15.0)
    multi_json (1.15.0)
    multi_xml (0.6.0)
    multipart-post (2.3.0)
    netrc (0.11.0)
    opus-ruby (1.0.1)
      ffi
    os (0.9.6)
    pry (0.14.1)
      coderay (~> 1.1)
      method_source (~> 1.0)
    public_suffix (5.0.1)
    representable (3.2.0)
      declarative (< 0.1.0)
      trailblazer-option (>= 0.1.1, < 0.2.0)
      uber (< 0.2.0)
    rest-client (2.1.0)
      http-accept (>= 1.7.0, < 2.0)
      http-cookie (>= 1.0.2, < 2.0)
      mime-types (>= 1.16, < 4.0)
      netrc (~> 0.8)
    retriable (3.1.2)
    rexml (3.2.5)
    rmail (1.1.4)
    ruby-openai (4.1.0)
      faraday (>= 1)
      faraday-multipart (>= 1)
    ruby2_keywords (0.0.5)
    signet (0.17.0)
      addressable (~> 2.8)
      faraday (>= 0.17.5, < 3.a)
      jwt (>= 1.5, < 3.0)
      multi_json (~> 1.10)
    thor (1.2.1)
    trailblazer-option (0.1.2)
    tzinfo (2.0.4)
      concurrent-ruby (~> 1.0)
    uber (0.1.0)
    unf (0.1.4)
      unf_ext
    unf_ext (0.0.8.1)
    webrick (1.8.1)
    websocket (1.2.9)
    websocket-client-simple (0.5.1)
      event_emitter
      websocket
    wit (7.0.1)

PLATFORMS
  ruby

DEPENDENCIES
  activesupport
  discordrb
  dotenv
  google-apis-adsense_v1_4 (~> 0.1)
  google-apis-analytics_v3 (~> 0.1)
  google-apis-bigquery_v2 (~> 0.1)
  google-apis-calendar_v3 (~> 0.1)
  google-apis-drive_v3 (~> 0.1)
  google-apis-gmail_v1 (~> 0.1)
  google-apis-pubsub_v1 (~> 0.1)
  google-apis-sheets_v4 (~> 0.1)
  google-apis-translate_v2 (~> 0.1)
  google-apis-vision_v1 (~> 0.1)
  google-apis-youtube_v3 (~> 0.1)
  httparty
  os (~> 0.9)
  pry
  rmail (~> 1.1)
  ruby-openai
  thor (~> 1.0)
  wit

RUBY VERSION
   ruby 2.7.5

BUNDLED WITH
   2.3.9
